GEM
  remote: https://rubygems.org/
  specs:
    asciidoctor (1.5.7.1)
    coderay (1.1.2)
    rake (12.3.1)

PLATFORMS
  ruby

DEPENDENCIES
  asciidoctor
  coderay
  rake

BUNDLED WITH
   1.16.2
